PATH
  remote: .
  specs:
    lulzscrap (0.1.7)
      activerecord-import (~> 0.22.0)
      sqlite3 (~> 1.3.13)

GEM
  remote: https://rubygems.org/
  specs:
    activemodel (5.1.5)
      activesupport (= 5.1.5)
    activerecord (5.1.5)
      activemodel (= 5.1.5)
      activesupport (= 5.1.5)
      arel (~> 8.0)
    activerecord-import (0.22.0)
      activerecord (>= 3.2)
    activesupport (5.1.5)
      concurrent-ruby (~> 1.0, >= 1.0.2)
      i18n (~> 0.7)
      minitest (~> 5.1)
      tzinfo (~> 1.1)
    ansi (1.5.0)
    arel (8.0.0)
    better_assert_difference (0.1.12)
    builder (3.2.3)
    byebug (9.0.6)
    coderay (1.1.2)
    concurrent-ruby (1.0.5)
    database_cleaner (1.6.2)
    i18n (0.9.5)
      concurrent-ruby (~> 1.0)
    metaclass (0.0.4)
    method_source (0.9.0)
    minitest (5.11.3)
    minitest-around (0.4.1)
      minitest (~> 5.0)
    minitest-reporters (1.1.19)
      ansi
      builder
      minitest (>= 5.0)
      ruby-progressbar
    mocha (1.2.1)
      metaclass (~> 0.0.1)
    pry (0.11.3)
      coderay (~> 1.1.0)
      method_source (~> 0.9.0)
    pry-byebug (3.4.3)
      byebug (>= 9.0, < 9.1)
      pry (~> 0.10)
    rake (10.5.0)
    ruby-progressbar (1.9.0)
    sqlite3 (1.3.13)
    thread_safe (0.3.6)
    timecop (0.9.1)
    tzinfo (1.2.5)
      thread_safe (~> 0.1)
    vcr (3.0.3)

PLATFORMS
  ruby

DEPENDENCIES
  better_assert_difference (~> 0.1.12)
  bundler (~> 1.16)
  database_cleaner (~> 1.6.2)
  lulzscrap!
  minitest (~> 5.0)
  minitest-around (~> 0.4.0)
  minitest-reporters (~> 1.1.18)
  mocha (~> 1.2.1)
  pry-byebug (~> 3.4.2)
  rake (~> 10.0)
  timecop (~> 0.9.1)
  vcr (~> 3.0.3)

BUNDLED WITH
   1.16.1
